GIT
  remote: git://github.com/myobie/htmldiff.git
  revision: c3b9112b34e9c37e805068ae3a6a42388666e67e
  specs:
    htmldiff (0.0.1)

GEM
  remote: http://rubygems.org/
  specs:
    aaronh-chronic (0.3.9)
    abstract (1.0.0)
    actionmailer (3.0.5)
      actionpack (= 3.0.5)
      mail (~> 2.2.15)
    actionpack (3.0.5)
      activemodel (= 3.0.5)
      activesupport (= 3.0.5)
      builder (~> 2.1.2)
      erubis (~> 2.6.6)
      i18n (~> 0.4)
      rack (~> 1.2.1)
      rack-mount (~> 0.6.13)
      rack-test (~> 0.5.7)
      tzinfo (~> 0.3.23)
    activemodel (3.0.5)
      activesupport (= 3.0.5)
      builder (~> 2.1.2)
      i18n (~> 0.4)
    activerecord (3.0.5)
      activemodel (= 3.0.5)
      activesupport (= 3.0.5)
      arel (~> 2.0.2)
      tzinfo (~> 0.3.23)
    activeresource (3.0.5)
      activemodel (= 3.0.5)
      activesupport (= 3.0.5)
    activesupport (3.0.5)
    addressable (2.2.6)
    arel (2.0.10)
    aws-ses (0.4.2)
      builder
      builder
      mail (~> 2.2.5)
      mime-types
      mime-types
      xml-simple
      xml-simple
    bcrypt-ruby (2.1.4)
    bson (1.2.4)
    bson_ext (1.2.4)
    builder (2.1.2)
    carrierwave (0.5.3)
      activesupport (~> 3.0)
    cells (3.6.5)
      actionpack (~> 3.0)
      railties (~> 3.0)
    chinese_pinyin (0.3.0)
    colorize (0.5.8)
    dalli (1.1.2)
    devise (1.2.rc2)
      bcrypt-ruby (~> 2.1.2)
      orm_adapter (~> 0.0.3)
      warden (~> 1.0.3)
    devise_invitable (0.4.rc5)
      devise (~> 1.2.rc2)
      rails (~> 3.0.0)
    erubis (2.6.6)
      abstract (>= 1.0.0)
    faraday (0.5.7)
      addressable (~> 2.2.4)
      multipart-post (~> 1.1.0)
      rack (>= 1.1.0, < 2)
    i18n (0.6.0)
    json (1.4.6)
    juggernaut (2.0.3)
      redis
    mail (2.2.19)
      activesupport (>= 2.3.6)
      i18n (>= 0.4.0)
      mime-types (~> 1.16)
      treetop (~> 1.4.8)
    memcache-client (1.8.5)
    mime-types (1.16)
    mini_magick (3.2)
      subexec (~> 0.0.4)
    mongo (1.2.4)
      bson (>= 1.2.4)
    mongo-rails-instrumentation (0.2.0)
      rails (~> 3.0.0)
    mongoid (2.0.0)
      activemodel (~> 3.0)
      mongo (~> 1.2)
      tzinfo (~> 0.3.22)
      will_paginate (~> 3.0.pre)
    mongoid-eager-loading (0.3.1)
    mongoid_rails_migrations (0.0.10)
      activesupport (~> 3.0.0)
      bundler (>= 0.9.19)
      rails (~> 3.0.0)
      railties (~> 3.0.0)
    mongoid_wice_grid (4.0.0)
    multi_json (0.0.5)
    multipart-post (1.1.2)
    net-ldap (0.1.1)
    nokogiri (1.4.7)
    oa-basic (0.2.0)
      multi_json (~> 0.0.2)
      nokogiri (~> 1.4.2)
      oa-core (= 0.2.0)
      rest-client (~> 1.6.0)
    oa-core (0.2.0)
      rack (~> 1.1)
    oa-enterprise (0.2.0)
      net-ldap (~> 0.1.1)
      nokogiri (~> 1.4.2)
      oa-core (= 0.2.0)
      pyu-ruby-sasl (~> 0.0.3.1)
      rubyntlm (~> 0.1.1)
    oa-more (0.2.0)
      multi_json (~> 0.0.2)
      oa-core (= 0.2.0)
      rest-client (~> 1.6.0)
    oa-oauth (0.2.0)
      multi_json (~> 0.0.2)
      nokogiri (~> 1.4.2)
      oa-core (= 0.2.0)
      oauth (~> 0.4.0)
      oauth2 (~> 0.1.1)
    oa-openid (0.2.0)
      oa-core (= 0.2.0)
      rack-openid (~> 1.2.0)
      ruby-openid-apps-discovery
    oauth (0.4.5)
    oauth2 (0.1.1)
      faraday (~> 0.5.0)
      multi_json (~> 0.0.4)
    omniauth (0.2.0)
      oa-basic (= 0.2.0)
      oa-core (= 0.2.0)
      oa-enterprise (= 0.2.0)
      oa-more (= 0.2.0)
      oa-oauth (= 0.2.0)
      oa-openid (= 0.2.0)
    omniauth_china (0.0.6)
      oa-core (~> 0.2.0)
      oa-oauth (~> 0.2.0)
    orm_adapter (0.0.5)
    polyglot (0.3.2)
    pyu-ruby-sasl (0.0.3.3)
    rack (1.2.3)
    rack-mount (0.6.14)
      rack (>= 1.0.0)
    rack-openid (1.2.0)
      rack (>= 1.1.0)
      ruby-openid (>= 2.1.8)
    rack-test (0.5.7)
      rack (>= 1.0)
    rails (3.0.5)
      actionmailer (= 3.0.5)
      actionpack (= 3.0.5)
      activerecord (= 3.0.5)
      activeresource (= 3.0.5)
      activesupport (= 3.0.5)
      bundler (~> 1.0)
      railties (= 3.0.5)
    rails-dev-boost-beta (0.1.2)
    railties (3.0.5)
      actionpack (= 3.0.5)
      activesupport (= 3.0.5)
      rake (>= 0.8.7)
      thor (~> 0.14.4)
    rake (0.9.2)
    redis (2.1.1)
    redis-namespace (1.0.3)
      redis (< 3.0.0)
    redis-search (0.6.1)
      chinese_pinyin (>= 0.3.0)
      redis (>= 2.1.1)
      rmmseg-cpp-huacnlee (>= 0.2.8)
    resque (1.15.0)
      json (~> 1.4.6)
      redis-namespace (>= 0.10.0)
      sinatra (>= 0.9.2)
      vegas (~> 0.1.2)
    resque_mailer (1.0.1)
    rest-client (1.6.3)
      mime-types (>= 1.16)
    rmmseg-cpp-huacnlee (0.2.9)
    ruby-openid (2.1.8)
    ruby-openid-apps-discovery (1.2.0)
      ruby-openid (>= 2.1.7)
    rubyntlm (0.1.1)
    settingslogic (2.0.6)
    simple_form (1.3.1)
    sinatra (1.2.6)
      rack (~> 1.1)
      tilt (>= 1.2.2, < 2.0)
    smurf-huacnlee (1.0.5)
    subexec (0.0.4)
    tagged-cache (1.1.1)
      activesupport (>= 3.0.0)
    thor (0.14.6)
    tilt (1.3.2)
    treetop (1.4.10)
      polyglot
      polyglot (>= 0.3.1)
    tzinfo (0.3.29)
    vegas (0.1.8)
      rack (>= 1.0.0)
    voteable_mongoid (0.6.0)
      mongoid (~> 2.0.0)
    warden (1.0.4)
      rack (>= 1.0)
    whenever (0.6.2)
      aaronh-chronic (>= 0.3.9)
      activesupport (>= 2.3.4)
    will_paginate (3.0.pre)
    xml-simple (1.1.0)

PLATFORMS
  ruby

DEPENDENCIES
  aws-ses (= 0.4.2)
  bson (= 1.2.4)
  bson_ext (= 1.2.4)
  carrierwave (= 0.5.3)
  cells (= 3.6.5)
  chinese_pinyin (= 0.3.0)
  colorize (= 0.5.8)
  dalli (= 1.1.2)
  devise (= 1.2.rc2)
  devise_invitable (= 0.4.rc5)
  htmldiff!
  juggernaut
  memcache-client (= 1.8.5)
  mini_magick (= 3.2)
  mongo-rails-instrumentation (= 0.2.0)
  mongoid (= 2.0.0)
  mongoid-eager-loading (= 0.3.1)
  mongoid_rails_migrations (= 0.0.10)
  mongoid_wice_grid (= 4.0.0)
  oa-openid (= 0.2.0)
  omniauth (= 0.2.0)
  omniauth_china (= 0.0.6)
  rails (= 3.0.5)
  rails-dev-boost-beta (= 0.1.2)
  redis (= 2.1.1)
  redis-search (= 0.6.1)
  resque (= 1.15.0)
  resque_mailer (= 1.0.1)
  rmmseg-cpp-huacnlee (= 0.2.9)
  settingslogic (= 2.0.6)
  simple_form (= 1.3.1)
  smurf-huacnlee
  tagged-cache (= 1.1.1)
  voteable_mongoid (= 0.6.0)
  whenever (= 0.6.2)
  will_paginate (= 3.0.pre)
